GEM
  remote: https://rubygems.org/
  specs:
    diff-lcs (1.2.4)
    hashie (2.0.5)
    rspec (2.14.0)
      rspec-core (~> 2.14.0)
      rspec-expectations (~> 2.14.0)
      rspec-mocks (~> 2.14.0)
    rspec-core (2.14.1)
    rspec-expectations (2.14.0)
      diff-lcs (>= 1.1.3, < 2.0)
    rspec-mocks (2.14.1)

PLATFORMS
  ruby

DEPENDENCIES
  hashie (~> 2.0.5)
  rspec (~> 2.14.0)
